GEM
  remote: http://rubygems.org/
  specs:
    addressable (2.2.1)
    crack (0.1.6)
    data_objects (0.10.2)
      addressable (~> 2.1)
    deep_merge (0.1.0)
    dm-aggregates (1.0.0)
      dm-core (~> 1.0.0)
    dm-core (1.0.0)
      addressable (~> 2.1)
      extlib (~> 0.9.15)
    dm-do-adapter (1.0.0)
      data_objects (~> 0.10.1)
      dm-core (~> 1.0.0)
    dm-migrations (1.0.0)
      dm-core (~> 1.0.0)
    dm-mysql-adapter (1.0.0)
      dm-do-adapter (~> 1.0.0)
      do_mysql (~> 0.10.2)
    dm-sqlite-adapter (1.0.0)
      dm-do-adapter (~> 1.0.0)
      do_sqlite3 (~> 0.10.2)
    dm-timestamps (1.0.0)
      dm-core (~> 1.0.0)
    dm-validations (1.0.0)
      dm-core (~> 1.0.0)
    do_mysql (0.10.2)
      data_objects (= 0.10.2)
    do_sqlite3 (0.10.2)
      data_objects (= 0.10.2)
    eventmachine (0.12.10)
    extlib (0.9.15)
    fastprowl (0.2)
      typhoeus (>= 0.1.0)
    haml (3.0.18)
    hashie (0.2.2)
    httparty (0.5.2)
      crack (= 0.1.6)
    json (1.4.6)
    oauth (0.4.2)
    open4 (0.9.6)
    rack (1.2.1)
    rack-flash (0.1.1)
      rack
    rake (0.8.7)
    rake-remote_task (2.0.1)
      open4 (~> 0.9.0)
      rake (~> 0.8.0)
    roauth (0.0.3)
    sinatra (1.0)
      rack (>= 1.0)
    twitter (0.9.8)
      hashie (~> 0.2.0)
      httparty (~> 0.5.0)
      oauth (~> 0.4.1)
      yajl-ruby (~> 0.7.0)
    twitter-login (0.2.3)
      twitter (~> 0.9.5)
    twitter-stream (0.1.8)
      eventmachine (>= 0.12.8)
      roauth (>= 0.0.2)
    typhoeus (0.1.31)
      rack
    vlad (2.1.0)
      open4 (~> 0.9.0)
      rake (~> 0.8.0)
      rake-remote_task (~> 2.0)
    vlad-git (2.2.0)
      vlad (>= 2.1.0)
    yajl-ruby (0.7.7)

PLATFORMS
  ruby

DEPENDENCIES
  deep_merge
  dm-aggregates
  dm-core
  dm-migrations
  dm-mysql-adapter
  dm-sqlite-adapter
  dm-timestamps
  dm-validations
  fastprowl
  haml
  json
  rack-flash
  sinatra
  twitter-login
  twitter-stream
  vlad
  vlad-git
